GEM
  remote: https://rubygems.org/
  specs:
    daemons (1.1.9)
    eventmachine (1.0.3)
    gameon (0.0.0.pre107)
    gameon-points (0.0.0.pre22)
    gameon-redis (0.0.0.pre37)
    mushin (0.0.0.pre84)
    rack (1.5.2)
    rack-protection (1.5.3)
      rack
    redis (3.1.0)
    shotgun (0.9)
      rack (>= 1.0)
    sinatra (1.4.5)
      rack (~> 1.4)
      rack-protection (~> 1.4)
      tilt (~> 1.3, >= 1.3.4)
    thin (1.6.3)
      daemons (~> 1.0, >= 1.0.9)
      eventmachine (~> 1.0)
      rack (~> 1.0)
    tilt (1.4.1)

PLATFORMS
  ruby

DEPENDENCIES
  gameon (= 0.0.0.pre107)
  gameon-points
  gameon-redis
  mushin
  redis
  shotgun
  sinatra
  thin
